GEM
  remote: https://rubygems.org/
  specs:
    currency (0.4.11)
      hoe (>= 1.3.0)
    hoe (3.7.1)
      rake (>= 0.8, < 11.0)
    rack (1.5.2)
    rack-protection (1.5.1)
      rack
    rake (10.1.0)
    sinatra (1.4.4)
      rack (~> 1.4)
      rack-protection (~> 1.4)
      tilt (~> 1.3, >= 1.3.4)
    tilt (1.4.1)

PLATFORMS
  ruby

DEPENDENCIES
  currency
  sinatra
